GEM
  remote: http://rubygems.org/
  specs:
    log4r (1.1.10)
    mini_portile2 (2.5.1)
    nokogiri (1.11.4)
      mini_portile2 (~> 2.5.0)
      racc (~> 1.4)
    nokogiri (1.11.4-x86-mingw32)
      racc (~> 1.4)
    racc (1.5.2)

PLATFORMS
  ruby
  x86-mingw32

DEPENDENCIES
  log4r
  nokogiri (~> 1.11.4)

BUNDLED WITH
   2.0.2
