GEM
  remote: http://rubygems.org/
  specs:
    log4r (1.1.10)
    mini_portile2 (2.8.1)
    nokogiri (1.14.3)
      mini_portile2 (~> 2.8.0)
      racc (~> 1.4)
    nokogiri (1.14.3-x86-mingw32)
      racc (~> 1.4)
    racc (1.6.2)

PLATFORMS
  ruby
  x86-mingw32

DEPENDENCIES
  log4r
  nokogiri (~> 1.14.3)

BUNDLED WITH
   2.0.2
