GEM
  remote: http://rubygems.org/
  specs:
    log4r (1.1.10)
    mini_portile2 (2.8.0)
    nokogiri (1.13.5)
      mini_portile2 (~> 2.8.0)
      racc (~> 1.4)
    nokogiri (1.13.5-x86-mingw32)
      racc (~> 1.4)
    racc (1.6.0)

PLATFORMS
  ruby
  x86-mingw32

DEPENDENCIES
  log4r
  nokogiri (~> 1.13.5)

BUNDLED WITH
   2.0.2
